GEM
  remote: https://rubygems.org/
  specs:
    RedCloth (4.2.9)
    addressable (2.3.5)
    classifier (1.3.3)
      fast-stemmer (>= 1.0.0)
    coderay (1.1.0)
    colorator (0.1)
    commander (4.1.4)
      highline (~> 1.6.11)
    crack (0.3.2)
    diff-lcs (1.2.5)
    directory_watcher (1.4.1)
    fast-stemmer (1.0.2)
    haml (3.1.4)
    highline (1.6.19)
    jekyll (1.1.2)
      classifier (~> 1.3)
      colorator (~> 0.1)
      commander (~> 4.1.3)
      directory_watcher (~> 1.4.1)
      kramdown (~> 1.0.2)
      liquid (~> 2.5.1)
      maruku (~> 0.5)
      pygments.rb (~> 0.5.0)
      redcarpet (~> 2.2.2)
      safe_yaml (~> 0.7.0)
    jekyll_ext (0.1.4)
    kramdown (1.0.2)
    liquid (2.5.1)
    maruku (0.6.1)
      syntax (>= 1.0.0)
    method_source (0.8.2)
    mini_portile (0.5.2)
    nokogiri (1.6.0)
      mini_portile (~> 0.5.0)
    posix-spawn (0.3.6)
    pry (0.9.12.4)
      coderay (~> 1.0)
      method_source (~> 0.8)
      slop (~> 3.4)
    pygments.rb (0.5.2)
      posix-spawn (~> 0.3.6)
      yajl-ruby (~> 1.1.0)
    rdiscount (1.6.8)
    redcarpet (2.2.2)
    rspec (2.14.1)
      rspec-core (~> 2.14.0)
      rspec-expectations (~> 2.14.0)
      rspec-mocks (~> 2.14.0)
    rspec-core (2.14.7)
    rspec-expectations (2.14.4)
      diff-lcs (>= 1.1.3, < 2.0)
    rspec-mocks (2.14.4)
    safe_yaml (0.7.1)
    sass (3.1.15)
    slop (3.4.7)
    syntax (1.0.0)
    vcr (2.8.0)
    webmock (1.15.0)
      addressable (>= 2.2.7)
      crack (>= 0.3.2)
    yajl-ruby (1.1.0)

PLATFORMS
  ruby

DEPENDENCIES
  RedCloth (= 4.2.9)
  haml (= 3.1.4)
  jekyll (= 1.1.2)
  jekyll_ext (= 0.1.4)
  kramdown (= 1.0.2)
  liquid (= 2.5.1)
  maruku (= 0.6.1)
  nokogiri (~> 1.6.0)
  pry (~> 0.9.12.4)
  rdiscount (= 1.6.8)
  redcarpet (= 2.2.2)
  rspec (~> 2.14.1)
  sass (= 3.1.15)
  vcr (~> 2.8.0)
  webmock (= 1.15.0)
